GEM
  remote: https://rubygems.org/
  specs:
    Ascii85 (1.0.2)
    addressable (2.3.8)
    afm (0.2.2)
    asciidoctor (1.5.2)
    asciidoctor-epub3 (1.5.0.alpha.4)
      asciidoctor (~> 1.5.0)
      gepub (~> 0.6.9.2)
      thread_safe (~> 0.3.4)
    asciidoctor-pdf (1.5.0.alpha.8)
      asciidoctor (~> 1.5.0)
      prawn (>= 1.3.0, < 3.0.0)
      prawn-icon (= 0.6.4)
      prawn-svg (= 0.20.0)
      prawn-table (= 0.2.1)
      prawn-templates (= 0.0.3)
      safe_yaml (= 1.0.4)
      thread_safe (= 0.3.4)
      treetop (= 1.5.3)
    css_parser (1.3.6)
      addressable
    gepub (0.6.9.2)
      nokogiri (~> 1.6.1)
      rubyzip (>= 1.1.1)
    hashery (2.1.1)
    kindlegen (2.9.5)
    mini_portile (0.6.2)
    nokogiri (1.6.6.2)
      mini_portile (~> 0.6.0)
    pdf-core (0.5.1)
    pdf-reader (1.3.3)
      Ascii85 (~> 1.0.0)
      afm (~> 0.2.0)
      hashery (~> 2.0)
      ruby-rc4
      ttfunk
    polyglot (0.3.5)
    prawn (2.0.1)
      pdf-core (~> 0.5.1)
      ttfunk (~> 1.4.0)
    prawn-icon (0.6.4)
      prawn (>= 1.1.0, < 3.0.0)
    prawn-svg (0.20.0)
      css_parser (~> 1.3)
      prawn (>= 0.8.4, < 3)
    prawn-table (0.2.1)
    prawn-templates (0.0.3)
      pdf-reader (~> 1.3)
      prawn (>= 0.15.0)
    rake (10.4.2)
    rouge (1.9.1)
    ruby-rc4 (0.1.5)
    rubyzip (1.1.7)
    safe_yaml (1.0.4)
    thread_safe (0.3.4)
    treetop (1.5.3)
      polyglot (~> 0.3)
    ttfunk (1.4.0)

PLATFORMS
  ruby

DEPENDENCIES
  asciidoctor (~> 1.5.2)
  asciidoctor-epub3 (~> 1.5.0.alpha.4)
  asciidoctor-pdf (~> 1.5.0.alpha.8)
  kindlegen (~> 2.9.5)
  rake (~> 10.4.2)
  rouge (~> 1.9.1)

BUNDLED WITH
   1.10.5
